GEM
  remote: https://rubygems.org/
  specs:
    cloudmersive-convert-api-client (1.2.9)
      json (~> 2.1, >= 2.1.0)
      typhoeus (~> 1.0, >= 1.0.1)
    ethon (0.11.0)
      ffi (>= 1.3.0)
    ffi (1.9.25-x64-mingw32)
    json (2.1.0)
    typhoeus (1.3.0)
      ethon (>= 0.9.0)

PLATFORMS
  x64-mingw32

DEPENDENCIES
  cloudmersive-convert-api-client (~> 1.2, >= 1.2.9)

BUNDLED WITH
   1.16.4
